GEM
  specs:
    will_paginate (3.0.3)

PLATFORMS
  ruby

DEPENDENCIES
  will_paginate
